GEM
  remote: http://rubygems.org/
  specs:
    bluecloth (2.1.0)
    builder (3.0.0)
    cucumber (0.10.5)
      builder (>= 2.1.2)
      diff-lcs (>= 1.1.2)
      gherkin (~> 2.4.0)
      json (>= 1.4.6)
      term-ansicolor (>= 1.0.5)
    diff-lcs (1.1.2)
    gherkin (2.4.0)
      json (>= 1.4.6)
    git (1.2.5)
    i18n (0.6.0)
    jeweler (1.6.2)
      bundler (~> 1.0)
      git (>= 1.2.5)
      rake
    json (1.5.1)
    mail (2.3.0)
      i18n (>= 0.4.0)
      mime-types (~> 1.16)
      treetop (~> 1.4.8)
    mensario (0.2.0)
      xml-simple (~> 1.0.15)
      yard (~> 0.7.1)
    mime-types (1.16)
    polyglot (0.3.1)
    pony (1.2)
      mail (> 2.0)
    rake (0.9.2)
    rspec (2.6.0)
      rspec-core (~> 2.6.0)
      rspec-expectations (~> 2.6.0)
      rspec-mocks (~> 2.6.0)
    rspec-core (2.6.4)
    rspec-expectations (2.6.0)
      diff-lcs (~> 1.1.2)
    rspec-mocks (2.6.0)
    term-ansicolor (1.0.5)
    treetop (1.4.9)
      polyglot (>= 0.3.1)
    xml-simple (1.0.16)
    yard (0.7.1)

PLATFORMS
  ruby

DEPENDENCIES
  bluecloth (~> 2.1.0)
  cucumber (~> 0.10.5)
  jeweler (~> 1.6.0)
  mensario (~> 0.2.0)
  pony (~> 1.2)
  rake (~> 0.9.2)
  rspec (~> 2.6.0)
  yard (~> 0.7.1)
